GEM
  remote: https://rubygems.org/
  specs:
    rack (2.2.8.1)

PLATFORMS
  arm64-darwin-22
  ruby

DEPENDENCIES
  rack (~> 2.2)

RUBY VERSION
   ruby 3.3.0p0

BUNDLED WITH
   2.5.3
